Brain Vision Data Exchange Header File Version 1.0
; Data created by the Vision Recorder

[Common Infos]
Codepage=UTF-8
DataFile=stream_0001.eeg
MarkerFile=stream_0001.vmrk
DataFormat=BINARY
; Data orientation: MULTIPLEXED=ch1,pt1, ch2,pt1 ...
DataOrientation=MULTIPLEXED
NumberOfChannels=66
; Sampling interval in microseconds
SamplingInterval=1000

[Binary Infos]
BinaryFormat=INT_16

[Channel Infos]
; Each entry: Ch<Channel number>=<Name>,<Reference channel name>,
; <Resolution in "Unit">,<Unit>, Future extensions..
; Fields are delimited by commas, some fields might be omitted (empty).
; Commas in channel names are coded as "\1".
Ch1=Fp1,,0.1,µV
Ch2=Fp2,,0.1,µV
Ch3=AF7,,0.1,µV
Ch4=AF3,,0.1,µV
Ch5=AFz,,0.1,µV
Ch6=AF4,,0.1,µV
Ch7=AF8,,0.1,µV
Ch8=F7,,0.1,µV
Ch9=F5,,0.1,µV
Ch10=F3,,0.1,µV
Ch11=F1,,0.1,µV
Ch12=Fz,,0.1,µV
Ch13=F2,,0.1,µV
Ch14=F4,,0.1,µV
Ch15=F6,,0.1,µV
Ch16=F8,,0.1,µV
Ch17=FT9,,0.1,µV
Ch18=FT7,,0.1,µV
Ch19=FC5,,0.1,µV
Ch20=FC3,,0.1,µV
Ch21=FC1,,0.1,µV
Ch22=FCz,,0.1,µV
Ch23=FC2,,0.1,µV
Ch24=FC4,,0.1,µV
Ch25=FC6,,0.1,µV
Ch26=FT8,,0.1,µV
Ch27=FT10,,0.1,µV
Ch28=T7,,0.1,µV
Ch29=C5,,0.1,µV
Ch30=C3,,0.1,µV
Ch31=C1,,0.1,µV
Ch32=Cz,,0.1,µV
Ch33=C2,,0.1,µV
Ch34=C4,,0.1,µV
Ch35=C6,,0.1,µV
Ch36=T8,,0.1,µV
Ch37=TP9,,0.1,µV
Ch38=TP7,,0.1,µV
Ch39=CP5,,0.1,µV
Ch40=CP3,,0.1,µV
Ch41=CP1,,0.1,µV
Ch42=CPz,,0.1,µV
Ch43=CP2,,0.1,µV
Ch44=CP4,,0.1,µV
Ch45=CP6,,0.1,µV
Ch46=TP8,,0.1,µV
Ch47=TP10,,0.1,µV
Ch48=P7,,0.1,µV
Ch49=P5,,0.1,µV
Ch50=P3,,0.1,µV
Ch51=P1,,0.1,µV
Ch52=Pz,,0.1,µV
Ch53=P2,,0.1,µV
Ch54=P4,,0.1,µV
Ch55=P6,,0.1,µV
Ch56=P8,,0.1,µV
Ch57=PO7,,0.1,µV
Ch58=PO3,,0.1,µV
Ch59=POz,,0.1,µV
Ch60=PO4,,0.1,µV
Ch61=PO8,,0.1,µV
Ch62=O1,,0.1,µV
Ch63=Oz,,0.1,µV
Ch64=O2,,0.1,µV
Ch65=vEOG,,0.1,µV
Ch66=hEOG,,0.1,µV

[Comment]

BrainVision Recorder Professional   -   V. 1.21.0403


A m p l i f i e r  S e t u p
============================
Number of channels: 66
Sampling Rate [Hz]: 1000
Sampling Interval [µS]: 1000

Channels
--------
#     Name      Phys. Chn.    Resolution / Unit   Low Cutoff [s]   High Cutoff [Hz]   Notch [Hz]    Series Res. [kOhm] Gradient         Offset
1     Fp1         1                0.1 µV             10              250              Off                0                 
2     Fp2         2                0.1 µV             10              250              Off                0                 
3     AF7         3                0.1 µV             10              250              Off                0                 
4     AF3         4                0.1 µV             10              250              Off                0                 
5     AFz         5                0.1 µV             10              250              Off                0                 
6     AF4         6                0.1 µV             10              250              Off                0                 
7     AF8         7                0.1 µV             10              250              Off                0                 
8     F7          8                0.1 µV             10              250              Off                0                 
9     F5          9                0.1 µV             10              250              Off                0                 
10    F3          10               0.1 µV             10              250              Off                0                 
11    F1          11               0.1 µV             10              250              Off                0                 
12    Fz          12               0.1 µV             10              250              Off                0                 
13    F2          13               0.1 µV             10              250              Off                0                 
14    F4          14               0.1 µV             10              250              Off                0                 
15    F6          15               0.1 µV             10              250              Off                0                 
16    F8          16               0.1 µV             10              250              Off                0                 
17    FT9         17               0.1 µV             10              250              Off                0                 
18    FT7         18               0.1 µV             10              250              Off                0                 
19    FC5         19               0.1 µV             10              250              Off                0                 
20    FC3         20               0.1 µV             10              250              Off                0                 
21    FC1         21               0.1 µV             10              250              Off                0                 
22    FCz         22               0.1 µV             10              250              Off                0                 
23    FC2         23               0.1 µV             10              250              Off                0                 
24    FC4         24               0.1 µV             10              250              Off                0                 
25    FC6         25               0.1 µV             10              250              Off                0                 
26    FT8         26               0.1 µV             10              250              Off                0                 
27    FT10        27               0.1 µV             10              250              Off                0                 
28    T7          28               0.1 µV             10              250              Off                0                 
29    C5          29               0.1 µV             10              250              Off                0                 
30    C3          30               0.1 µV             10              250              Off                0                 
31    C1          31               0.1 µV             10              250              Off                0                 
32    Cz          32               0.1 µV             10              250              Off                0                 
33    C2          33               0.1 µV             10              250              Off                0                 
34    C4          34               0.1 µV             10              250              Off                0                 
35    C6          35               0.1 µV             10              250              Off                0                 
36    T8          36               0.1 µV             10              250              Off                0                 
37    TP9         37               0.1 µV             10              250              Off                0                 
38    TP7         38               0.1 µV             10              250              Off                0                 
39    CP5         39               0.1 µV             10              250              Off                0                 
40    CP3         40               0.1 µV             10              250              Off                0                 
41    CP1         41               0.1 µV             10              250              Off                0                 
42    CPz         42               0.1 µV             10              250              Off                0                 
43    CP2         43               0.1 µV             10              250              Off                0                 
44    CP4         44               0.1 µV             10              250              Off                0                 
45    CP6         45               0.1 µV             10              250              Off                0                 
46    TP8         46               0.1 µV             10              250              Off                0                 
47    TP10        47               0.1 µV             10              250              Off                0                 
48    P7          48               0.1 µV             10              250              Off                0                 
49    P5          49               0.1 µV             10              250              Off                0                 
50    P3          50               0.1 µV             10              250              Off                0                 
51    P1          51               0.1 µV             10              250              Off                0                 
52    Pz          52               0.1 µV             10              250              Off                0                 
53    P2          53               0.1 µV             10              250              Off                0                 
54    P4          54               0.1 µV             10              250              Off                0                 
55    P6          55               0.1 µV             10              250              Off                0                 
56    P8          56               0.1 µV             10              250              Off                0                 
57    PO7         57               0.1 µV             10              250              Off                0                 
58    PO3         58               0.1 µV             10              250              Off                0                 
59    POz         59               0.1 µV             10              250              Off                0                 
60    PO4         60               0.1 µV             10              250              Off                0                 
61    PO8         61               0.1 µV             10              250              Off                0                 
62    O1          62               0.1 µV             10              250              Off                0                 
63    Oz          63               0.1 µV             10              250              Off                0                 
64    O2          64               0.1 µV             10              250              Off                0                 
65    vEOG        65               0.1 µV             10              250              Off                0                 
66    hEOG        66               0.1 µV             10              250              Off                0                 

S o f t w a r e  F i l t e r s
==============================
Disabled


Data Electrodes Selected Impedance Measurement Range: 0 - 10 kOhm
Ground Electrode Selected Impedance Measurement Range: 0 - 10 kOhm
Reference Electrode Selected Impedance Measurement Range: 0 - 10 kOhm
Impedance [kOhm] at 12:37:58 :
Fp1:          1
Fp2:          2
AF7:          2
AF3:          1
AFz:          1
AF4:          3
AF8:          1
F7:           1
F5:           2
F3:           2
F1:           3
Fz:           4
F2:           3
F4:           2
F6:           3
F8:           2
FT9:          0
FT7:          4
FC5:          1
FC3:          2
FC1:          3
FCz:          3
FC2:          3
FC4:          5
FC6:          2
FT8:          2
FT10:         3
T7:           3
C5:           2
C3:           4
C1:           3
Cz:           3
C2:           3
C4:           4
C6:           3
T8:           3
TP9:          1
TP7:          3
CP5:          3
CP3:          3
CP1:          3
CPz:          3
CP2:          2
CP4:          3
CP6:          3
TP8:          2
TP10:         5
P7:           1
P5:           2
P3:           4
P1:           4
Pz:           2
P2:           5
P4:           4
P6:           4
P8:           4
PO7:          3
PO3:          4
POz:          3
PO4:          4
PO8:          5
O1:           4
Oz:           5
O2:           4
vEOG+:        0
vEOG-:       13
hEOG+:        4
hEOG-:        2
Ref:          1
Gnd:          3
